GEM
  remote: http://rubygems.org/
  specs:
    always_execute (0.0.2)
      shoulda
    git (1.2.5)
    jeweler (1.6.4)
      bundler (~> 1.0)
      git (>= 1.2.5)
      rake
    mocha (0.9.8)
      rake
    rake (0.9.2)
    rcov (0.9.10)
    shared_should (0.8.1)
      shoulda
    shoulda (2.11.3)

PLATFORMS
  ruby

DEPENDENCIES
  always_execute (= 0.0.2)
  bundler (~> 1.0.0)
  jeweler (~> 1.6.4)
  mocha (= 0.9.8)
  rcov
  shared_should (= 0.8.1)
  shoulda (~> 2.11.3)
